PATH
  remote: .
  specs:
    adequate_serialization (0.0.1)

GEM
  remote: https://rubygems.org/
  specs:
    minitest (5.11.3)
    rake (12.3.1)

PLATFORMS
  ruby

DEPENDENCIES
  adequate_serialization!
  bundler (~> 1.16)
  minitest (~> 5.0)
  rake (~> 12.0)

BUNDLED WITH
   1.16.1
